GEM
  remote: http://rubygems.org/
  specs:
    activesupport (3.2.8)
      i18n (~> 0.6)
      multi_json (~> 1.0)
    i18n (0.6.1)
    multi_json (1.3.6)
    rake (0.9.2.2)
    shoulda (3.1.1)
      shoulda-context (~> 1.0)
      shoulda-matchers (~> 1.2)
    shoulda-context (1.0.0)
    shoulda-matchers (1.3.0)
      activesupport (>= 3.0.0)

PLATFORMS
  ruby

DEPENDENCIES
  rake
  shoulda
